PATH
  remote: .
  specs:
    happymapper (0.4.1)
      libxml-ruby (~> 2.0)

GEM
  remote: https://rubygems.org/
  specs:
    libxml-ruby (2.7.0)
    rake (10.3.0)
    rspec (1.3.2)

PLATFORMS
  ruby

DEPENDENCIES
  happymapper!
  rake
  rspec (~> 1.3)
